PATH
  remote: .
  specs:
    crewtime-parser (0.1.0)
      parslet (~> 1.8)

GEM
  remote: https://rubygems.org/
  specs:
    minitest (5.13.0)
    parslet (1.8.2)
    rake (13.0.1)

PLATFORMS
  ruby

DEPENDENCIES
  bundler (~> 1.17)
  crewtime-parser!
  minitest (~> 5.0)
  rake (~> 13.0)

BUNDLED WITH
   1.17.3
