PATH
  remote: .
  specs:
    crewtime-parser (0.1.0)

GEM
  remote: https://rubygems.org/
  specs:
    minitest (5.13.0)
    rake (10.5.0)

PLATFORMS
  ruby

DEPENDENCIES
  bundler (~> 1.17)
  crewtime-parser!
  minitest (~> 5.0)
  rake (~> 10.0)

BUNDLED WITH
   1.17.3
